GEM
  remote: https://rubygems.org/
  specs:
    Platform (0.4.0)
    albacore (2.0.16)
      map (~> 6.5)
      nokogiri (~> 1.5)
      rake (~> 10)
      semver2 (~> 3.4)
    map (6.5.5)
    mini_portile (0.6.1)
    nokogiri (1.6.5-x86-mingw32)
      mini_portile (~> 0.6.0)
    rack (1.6.0)
    rake (10.4.2)
    semver2 (3.4.0)

PLATFORMS
  x86-mingw32

DEPENDENCIES
  Platform
  albacore (~> 2.0.0)
  rack
  rake
